PATH
  remote: .
  specs:
    log_weaver (0.0.1)
      methadone (~> 1.2)
      require_all (~> 1.2)

GEM
  remote: https://rubygems.org/
  specs:
    activesupport (3.2.13)
      i18n (= 0.6.1)
      multi_json (~> 1.0)
    aruba (0.5.2)
      childprocess (~> 0.3.6)
      cucumber (>= 1.1.1)
      rspec-expectations (>= 2.7.0)
    builder (3.2.0)
    childprocess (0.3.9)
      ffi (~> 1.0, >= 1.0.11)
    cucumber (1.3.1)
      builder (>= 2.1.2)
      diff-lcs (>= 1.1.3)
      gherkin (~> 2.12.0)
      multi_json (~> 1.3)
    diff-lcs (1.2.4)
    factory_girl (4.2.0)
      activesupport (>= 3.0.0)
    ffi (1.7.0-x86-mingw32)
    gherkin (2.12.0-x86-mingw32)
      multi_json (~> 1.3)
    i18n (0.6.1)
    methadone (1.2.6)
      bundler
    multi_json (1.7.2)
    rake (0.9.6)
    readme (0.1.0)
    require_all (1.2.1)
    rspec (2.13.0)
      rspec-core (~> 2.13.0)
      rspec-expectations (~> 2.13.0)
      rspec-mocks (~> 2.13.0)
    rspec-core (2.13.1)
    rspec-expectations (2.13.0)
      diff-lcs (>= 1.1.3, < 2.0)
    rspec-mocks (2.13.1)
    unindent (1.0)
    yard (0.8.6.1)

PLATFORMS
  x86-mingw32

DEPENDENCIES
  aruba (~> 0.5)
  cucumber (~> 1.2)
  factory_girl (~> 4.2)
  log_weaver!
  rake (~> 0.9)
  readme (~> 0.1)
  rspec (~> 2.13)
  unindent (~> 1.0)
  yard (~> 0.8)
