PATH
  remote: .
  specs:
    log_weaver (0.0.1)
      methadone (~> 1.2.1)
      require_all (~> 1.2)

GEM
  remote: https://rubygems.org/
  specs:
    activesupport (3.2.13)
      i18n (= 0.6.1)
      multi_json (~> 1.0)
    aruba (0.5.1)
      childprocess (~> 0.3.6)
      cucumber (>= 1.1.1)
      rspec-expectations (>= 2.7.0)
    builder (3.2.0)
    childprocess (0.3.9)
      ffi (~> 1.0, >= 1.0.11)
    cucumber (1.2.3)
      builder (>= 2.1.2)
      diff-lcs (>= 1.1.3)
      gherkin (~> 2.11.6)
      multi_json (~> 1.3)
    diff-lcs (1.2.1)
    factory_girl (4.2.0)
      activesupport (>= 3.0.0)
    ffi (1.6.0-x86-mingw32)
    gherkin (2.11.6-x86-mingw32)
      json (>= 1.7.6)
    i18n (0.6.1)
    json (1.7.7)
    methadone (1.2.6)
      bundler
    multi_json (1.7.2)
    rake (0.9.6)
    rdoc (4.0.1)
      json (~> 1.4)
    require_all (1.2.1)
    rspec (2.13.0)
      rspec-core (~> 2.13.0)
      rspec-expectations (~> 2.13.0)
      rspec-mocks (~> 2.13.0)
    rspec-core (2.13.1)
    rspec-expectations (2.13.0)
      diff-lcs (>= 1.1.3, < 2.0)
    rspec-mocks (2.13.0)
    unindent (1.0)

PLATFORMS
  x86-mingw32

DEPENDENCIES
  aruba
  factory_girl
  log_weaver!
  rake (~> 0.9.2)
  rdoc
  rspec
  unindent
